GEM
  remote: https://rubygems.org/
  specs:
    byebug (3.1.2)
      columnize (~> 0.8)
      debugger-linecache (~> 1.2)
    columnize (0.8.9)
    concurrent-ruby (1.0.2)
    debugger-linecache (1.2.0)
    parallel (1.9.0)
    pg (0.17.1)
    rake (10.3.2)
    rgl (0.4.0)
      rake
      stream (>= 0.5)
    sequel (4.36.0)
    stream (0.5)

PLATFORMS
  ruby

DEPENDENCIES
  byebug
  concurrent-ruby
  parallel
  pg
  rgl
  sequel

BUNDLED WITH
   1.12.3
